GEM
  remote: https://rubygems.org/
  specs:
    coderay (1.1.2)
    coingecko (0.2.0)
    diff-lcs (1.3)
    method_source (0.9.2)
    mustermann (1.0.3)
    pry (0.12.2)
      coderay (~> 1.1.0)
      method_source (~> 0.9.0)
    rack (2.0.7)
    rack-protection (2.0.5)
      rack
    rspec (3.8.0)
      rspec-core (~> 3.8.0)
      rspec-expectations (~> 3.8.0)
      rspec-mocks (~> 3.8.0)
    rspec-core (3.8.2)
      rspec-support (~> 3.8.0)
    rspec-expectations (3.8.4)
      diff-lcs (>= 1.2.0, < 2.0)
      rspec-support (~> 3.8.0)
    rspec-mocks (3.8.1)
      diff-lcs (>= 1.2.0, < 2.0)
      rspec-support (~> 3.8.0)
    rspec-support (3.8.2)
<<<<<<< HEAD
    shotgun (0.9.2)
      rack (>= 1.0)
=======
>>>>>>> 0e04e3aae7df0b8983a0006a30c588f056206209
    sinatra (2.0.5)
      mustermann (~> 1.0)
      rack (~> 2.0)
      rack-protection (= 2.0.5)
      tilt (~> 2.0)
    terminal-table (1.8.0)
      unicode-display_width (~> 1.1, >= 1.1.1)
    tilt (2.0.9)
    unicode-display_width (1.6.0)

PLATFORMS
  ruby

DEPENDENCIES
  coingecko (~> 0.2.0)
  pry
  rspec
<<<<<<< HEAD
  shotgun
=======
>>>>>>> 0e04e3aae7df0b8983a0006a30c588f056206209
  sinatra
  terminal-table

BUNDLED WITH
   2.0.1
